GEM
  remote: https://rubygems.org/
  specs:
    acme-client (2.0.19)
      base64 (~> 0.2.0)
      faraday (>= 1.0, < 3.0.0)
      faraday-retry (>= 1.0, < 3.0.0)
    awesome_print (1.9.2)
    base64 (0.2.0)
    colorize (0.8.1)
    faraday (2.12.2)
      faraday-net_http (>= 2.0, < 3.5)
      json
      logger
    faraday-net_http (3.4.0)
      net-http (>= 0.5.0)
    faraday-retry (2.2.1)
      faraday (~> 2.0)
    json (2.9.1)
    logger (1.6.4)
    net-http (0.6.0)
      uri
    uri (1.0.2)

PLATFORMS
  arm64-darwin-21
  arm64-darwin-22
  arm64-darwin-23

DEPENDENCIES
  acme-client (~> 2.0)
  awesome_print (~> 1.9)
  colorize (~> 0.8.1)
  faraday (~> 2.3)

BUNDLED WITH
   2.3.7
